GEM
  remote: https://rubygems.org/
  specs:
    date (3.2.2)
    nokogiri (1.12.5-x86_64-darwin)
      racc (~> 1.4)
    open-uri (0.2.0)
      stringio
      time
      uri
    racc (1.4.16)
    stringio (3.0.1)
    time (0.2.0)
      date
    uri (0.11.0)

PLATFORMS
  ruby

DEPENDENCIES
  nokogiri
  open-uri

RUBY VERSION
   ruby 2.7.5p203

BUNDLED WITH
   2.1.4
